{
  "AcquisitionMatrixPE": 84,
  "AcquisitionNumber": 1,
  "BandwidthPerPixelPhaseEncode": 21.259,
  "BaseResolution": 84,
  "CogAtlasID": "TODO",
  "ConsistencyInfo": "N4_VE11C_LATEST_20160120",
  "ConversionSoftware": "dcm2niix",
  "ConversionSoftwareVersion": "v1.0.20180622 GCC6.3.0",
  "DerivedVendorReportedEchoSpacing": 0.000559987,
  "DeviceSerialNumber": "66082",
  "DwellTime": 2.6e-06,
  "EchoTime": 0.032,
  "EchoTrainLength": 84,
  "EffectiveEchoSpacing": 0.000559987,
  "FlipAngle": 61,
  "ImageType": [
    "ORIGINAL",
    "PRIMARY",
    "FMRI",
    "NONE",
    "ND",
    "MOSAIC"
],
  "InPlanePhaseEncodingDirectionDICOM": "COL",
  "InstitutionAddress": "East_Delaware_Ave._77-79_Newark_DE_US_19716",
  "InstitutionalDepartmentName": "Department",
  "MRAcquisitionType": "2D",
  "MagneticFieldStrength": 3,
  "Manufacturer": "Siemens",
  "ManufacturersModelName": "Prisma",
  "Modality": "MR",
  "MultibandAccelerationFactor": 6,
  "PartialFourier": 1,
  "PatientPosition": "HFS",
  "PercentPhaseFOV": 100,
  "PhaseEncodingDirection": "j-",
  "PhaseEncodingSteps": 84,
  "PhaseResolution": 1,
  "PixelBandwidth": 2290,
  "ProcedureStepDescription": "QLAB_Blast",
  "ProtocolName": "sms_ep2d_bold_TR800_2.5mm_vsl",
  "PulseSequenceDetails": "%SiemensSeq%_ep2d_bold",
  "ReceiveCoilName": "HeadNeck_64",
  "ReconMatrixPE": 84,
  "RepetitionTime": 0.8,
  "ScanOptions": "FS",
  "ScanningSequence": "EP",
  "SequenceName": "_epfid2d1_84",
  "SequenceVariant": "SK",
  "SeriesDescription": "sms_ep2d_bold_TR800_2.5mm_vsl",
  "SliceThickness": 2.5,
  "SoftwareVersions": "syngo_MR_E11",
  "SpacingBetweenSlices": 2.75,
  "StationName": "AWP66082",
  "TaskName": "TODO: full task name for vsl",
  "TotalReadoutTime": 0.0464789}